GEM
  remote: http://rubygems.org/
  specs:
    faraday (0.11.0)
      multipart-post (>= 1.2, < 3)
    geolocater (0.1.0)
      faraday
      json
    json (1.8.3)
    multipart-post (2.0.0)
    rack (1.6.5)
    rack-protection (1.5.3)
      rack
    ruby_http_client (3.0.1)
    sendgrid-ruby (4.0.7)
      ruby_http_client (~> 3.0.1)
    sinatra (1.4.8)
      rack (~> 1.5)
      rack-protection (~> 1.4)
      tilt (>= 1.3, < 3)
    tilt (2.0.6)

PLATFORMS
  ruby
  x64-mingw32
  x86-mingw32

DEPENDENCIES
  geolocater
  json
  ruby_http_client
  sendgrid-ruby
  sinatra

BUNDLED WITH
   1.14.4
